PATH
  remote: .
  specs:
    omniauth-dn42 (0.0.1)
      faraday
      gpgme
      multi_json
      omniauth (~> 2.0)

GEM
  remote: https://rubygems.org/
  specs:
    ast (2.4.2)
    faraday (2.2.0)
      faraday-net_http (~> 2.0)
      ruby2_keywords (>= 0.0.4)
    faraday-net_http (2.0.1)
    gpgme (2.0.20)
      mini_portile2 (~> 2.3)
    hashie (5.0.0)
    mini_portile2 (2.7.1)
    multi_json (1.15.0)
    omniauth (2.1.1)
      hashie (>= 3.4.6)
      rack (>= 2.2.3)
      rack-protection
    parallel (1.21.0)
    parser (3.1.0.0)
      ast (~> 2.4.1)
    rack (3.0.7)
    rack-protection (3.0.5)
      rack
    rainbow (3.1.1)
    regexp_parser (2.2.1)
    rexml (3.2.5)
    rubocop (1.25.1)
      parallel (~> 1.10)
      parser (>= 3.1.0.0)
      rainbow (>= 2.2.2, < 4.0)
      regexp_parser (>= 1.8, < 3.0)
      rexml
      rubocop-ast (>= 1.15.1, < 2.0)
      ruby-progressbar (~> 1.7)
      unicode-display_width (>= 1.4.0, < 3.0)
    rubocop-ast (1.15.2)
      parser (>= 3.0.1.1)
    ruby-progressbar (1.11.0)
    ruby2_keywords (0.0.5)
    unicode-display_width (2.1.0)

PLATFORMS
  x86_64-darwin-21
  x86_64-linux

DEPENDENCIES
  omniauth-dn42!
  rubocop

BUNDLED WITH
   2.3.3
